PATH
  remote: .
  specs:
    ropencv (0.0.32)
      ffi (>= 1.9.0)
      rbind (>= 0.0.30)

GEM
  remote: https://rubygems.org/
  specs:
    ffi (1.11.1)
    minitest (5.5.1)
    rbind (0.0.30)
      ffi (>= 1.9.0)

PLATFORMS
  ruby

DEPENDENCIES
  minitest (~> 5.5)
  ropencv!
